GEM
  remote: https://rubygems.org/
  specs:
    bson (4.5.0)
    byebug (11.0.1)
    httparty (0.17.0)
      mime-types (~> 3.0)
      multi_xml (>= 0.5.2)
    mime-types (3.2.2)
      mime-types-data (~> 3.2015)
    mime-types-data (3.2019.0331)
    mini_portile2 (2.4.0)
    mongo (2.10.0)
      bson (>= 4.4.2, < 5.0.0)
    multi_xml (0.6.0)
    nokogiri (1.10.8)
      mini_portile2 (~> 2.4.0)

PLATFORMS
  ruby

DEPENDENCIES
  byebug
  httparty
  mongo (~> 2.6, >= 2.6.2)
  nokogiri

BUNDLED WITH
   1.17.3
