GEM
  remote: https://rubygems.org/
  specs:
    bson (4.3.0)
    byebug (10.0.2)
    httparty (0.16.3)
      mime-types (~> 3.0)
      multi_xml (>= 0.5.2)
    mime-types (3.2.2)
      mime-types-data (~> 3.2015)
    mime-types-data (3.2018.0812)
    mini_portile2 (2.3.0)
    mongo (2.6.2)
      bson (>= 4.3.0, < 5.0.0)
    multi_xml (0.6.0)
    nokogiri (1.8.5)
      mini_portile2 (~> 2.3.0)

PLATFORMS
  ruby

DEPENDENCIES
  byebug
  httparty
  mongo (~> 2.6, >= 2.6.2)
  nokogiri

BUNDLED WITH
   1.16.2
